PATH
  remote: .
  specs:
    rundeck-api (0.1.0)
      faraday

GEM
  remote: https://rubygems.org/
  specs:
    faraday (0.17.0)
      multipart-post (>= 1.2, < 3)
    multipart-post (2.1.1)
    rake (13.0.1)

PLATFORMS
  ruby

DEPENDENCIES
  bundler (~> 1.17)
  rake (~> 13.0)
  rundeck-api!

BUNDLED WITH
   1.17.2
